PATH
  remote: .
  specs:
    terminal-share (1.0.0)

GEM
  remote: https://rubygems.org/
  specs:
    rake (13.0.1)
    rspec (0.6.4)

PLATFORMS
  ruby

DEPENDENCIES
  rake (~> 13.0.1)
  rspec (~> 0.6.1)
  terminal-share!
